GEM
  remote: https://rubygems.org/
  specs:
    bcrypt (3.1.11)
    byebug (10.0.0)
    colorize (0.8.1)
    faraday (0.14.0)
      multipart-post (>= 1.2, < 3)
    multipart-post (2.0.0)

PLATFORMS
  ruby

DEPENDENCIES
  bcrypt
  byebug
  colorize
  faraday

RUBY VERSION
   ruby 2.4.0p0

BUNDLED WITH
   1.16.0
